GEM
  remote: https://rubygems.org/
  specs:
    daemons (1.2.4)
    eventmachine (1.2.1)
    kgio (2.10.0)
    puma (3.6.2)
    rack (2.0.1)
    raindrops (0.17.0)
    thin (1.7.0)
      daemons (~> 1.0, >= 1.0.9)
      eventmachine (~> 1.0, >= 1.0.4)
      rack (>= 1, < 3)
    unicorn (5.2.0)
      kgio (~> 2.6)
      raindrops (~> 0.7)

PLATFORMS
  ruby

DEPENDENCIES
  puma
  thin
  unicorn

RUBY VERSION
   ruby 2.3.3p222

BUNDLED WITH
   1.13.6
